GEM
  remote: http://rubygems.org/
  specs:
    gosu (0.7.48)
    httparty (0.9.0)
      multi_json (~> 1.0)
      multi_xml
    multi_json (1.7.9)
    multi_xml (0.5.1)
    rack (1.5.2)
    rack-protection (1.5.0)
      rack
    sinatra (1.4.2)
      rack (~> 1.5, >= 1.5.2)
      rack-protection (~> 1.4)
      tilt (~> 1.3, >= 1.3.4)
    tilt (1.4.1)

PLATFORMS
  ruby

DEPENDENCIES
  gosu
  httparty
  sinatra
